STORAGE: NONE
RESTRICTION: == net5.0
NUGET
  remote: https://ci.appveyor.com/nuget/bolero
    Bolero (0.16.21-alpha.g1a46aac)
      Elmish (>= 3.1 < 4.0)
      FSharp.Core (>= 5.0)
      Microsoft.AspNetCore.Components.WebAssembly (>= 5.0 < 6.0)
      Microsoft.Extensions.Http (>= 5.0 < 6.0)
    Bolero.Server (0.16.21-alpha.g1a46aac)
      Bolero (0.16.21-alpha.g1a46aac)
      FSharp.Core (>= 5.0)
      TaskBuilder.fs (>= 2.1)
  remote: https://api.nuget.org/v3/index.json
    Elmish (3.1)
      FSharp.Core (>= 4.6.2)
    FSharp.Core (5.0)
    HtmlAgilityPack (1.11.28)
    Microsoft.AspNetCore.Authorization (5.0)
      Microsoft.AspNetCore.Metadata (>= 5.0)
      Microsoft.Extensions.Logging.Abstractions (>= 5.0)
      Microsoft.Extensions.Options (>= 5.0)
    Microsoft.AspNetCore.Components (5.0)
      Microsoft.AspNetCore.Authorization (>= 5.0)
      Microsoft.AspNetCore.Components.Analyzers (>= 5.0)
    Microsoft.AspNetCore.Components.Analyzers (5.0)
    Microsoft.AspNetCore.Components.Forms (5.0)
      Microsoft.AspNetCore.Components (>= 5.0)
    Microsoft.AspNetCore.Components.Web (5.0)
      Microsoft.AspNetCore.Components (>= 5.0)
      Microsoft.AspNetCore.Components.Forms (>= 5.0)
      Microsoft.Extensions.DependencyInjection (>= 5.0)
      Microsoft.JSInterop (>= 5.0)
      System.IO.Pipelines (>= 5.0)
    Microsoft.AspNetCore.Components.WebAssembly (5.0)
      Microsoft.AspNetCore.Components.Web (>= 5.0)
      Microsoft.Extensions.Configuration.Binder (>= 5.0)
      Microsoft.Extensions.Configuration.Json (>= 5.0)
      Microsoft.Extensions.Logging (>= 5.0)
      Microsoft.JSInterop.WebAssembly (>= 5.0)
    Microsoft.AspNetCore.Components.WebAssembly.Server (5.0)
    Microsoft.AspNetCore.Connections.Abstractions (5.0)
      Microsoft.AspNetCore.Http.Features (>= 5.0)
    Microsoft.AspNetCore.Http.Connections.Client (5.0)
      Microsoft.AspNetCore.Http.Connections.Common (>= 5.0)
      Microsoft.Extensions.Logging.Abstractions (>= 5.0)
      Microsoft.Extensions.Options (>= 5.0)
    Microsoft.AspNetCore.Http.Connections.Common (5.0)
      Microsoft.AspNetCore.Connections.Abstractions (>= 5.0)
    Microsoft.AspNetCore.Http.Features (5.0)
      Microsoft.Extensions.Primitives (>= 5.0)
      System.IO.Pipelines (>= 5.0)
    Microsoft.AspNetCore.Metadata (5.0)
    Microsoft.AspNetCore.Mvc.Razor.Extensions (5.0)
      Microsoft.AspNetCore.Razor.Language (>= 5.0)
      Microsoft.CodeAnalysis.Razor (>= 5.0)
    Microsoft.AspNetCore.Mvc.Razor.RuntimeCompilation (5.0)
      Microsoft.AspNetCore.Mvc.Razor.Extensions (>= 5.0)
      Microsoft.CodeAnalysis.Razor (>= 5.0)
      Microsoft.Extensions.DependencyModel (>= 5.0)
    Microsoft.AspNetCore.Razor.Language (5.0)
    Microsoft.AspNetCore.SignalR.Client (5.0)
      Microsoft.AspNetCore.Http.Connections.Client (>= 5.0)
      Microsoft.AspNetCore.SignalR.Client.Core (>= 5.0)
    Microsoft.AspNetCore.SignalR.Client.Core (5.0)
      Microsoft.AspNetCore.SignalR.Common (>= 5.0)
      Microsoft.AspNetCore.SignalR.Protocols.Json (>= 5.0)
      Microsoft.Extensions.DependencyInjection (>= 5.0)
      Microsoft.Extensions.Logging (>= 5.0)
      System.Threading.Channels (>= 5.0)
    Microsoft.AspNetCore.SignalR.Common (5.0)
      Microsoft.AspNetCore.Connections.Abstractions (>= 5.0)
      Microsoft.Extensions.Options (>= 5.0)
    Microsoft.AspNetCore.SignalR.Protocols.Json (5.0)
      Microsoft.AspNetCore.SignalR.Common (>= 5.0)
    Microsoft.CodeAnalysis.Analyzers (3.3.1)
    Microsoft.CodeAnalysis.Common (3.7)
      Microsoft.CodeAnalysis.Analyzers (>= 3.0)
      System.Collections.Immutable (>= 1.5)
      System.Memory (>= 4.5.4)
      System.Reflection.Metadata (>= 1.6)
      System.Runtime.CompilerServices.Unsafe (>= 4.7)
      System.Text.Encoding.CodePages (>= 4.5.1)
      System.Threading.Tasks.Extensions (>= 4.5.3)
    Microsoft.CodeAnalysis.CSharp (3.7)
      Microsoft.CodeAnalysis.Common (3.7)
    Microsoft.CodeAnalysis.Razor (5.0)
      Microsoft.AspNetCore.Razor.Language (>= 5.0)
      Microsoft.CodeAnalysis.Common (>= 3.7)
      Microsoft.CodeAnalysis.CSharp (>= 3.7)
    Microsoft.Extensions.Configuration (5.0)
      Microsoft.Extensions.Configuration.Abstractions (>= 5.0)
      Microsoft.Extensions.Primitives (>= 5.0)
    Microsoft.Extensions.Configuration.Abstractions (5.0)
      Microsoft.Extensions.Primitives (>= 5.0)
    Microsoft.Extensions.Configuration.Binder (5.0)
      Microsoft.Extensions.Configuration.Abstractions (>= 5.0)
    Microsoft.Extensions.Configuration.FileExtensions (5.0)
      Microsoft.Extensions.Configuration (>= 5.0)
      Microsoft.Extensions.Configuration.Abstractions (>= 5.0)
      Microsoft.Extensions.FileProviders.Abstractions (>= 5.0)
      Microsoft.Extensions.FileProviders.Physical (>= 5.0)
      Microsoft.Extensions.Primitives (>= 5.0)
    Microsoft.Extensions.Configuration.Json (5.0)
      Microsoft.Extensions.Configuration (>= 5.0)
      Microsoft.Extensions.Configuration.Abstractions (>= 5.0)
      Microsoft.Extensions.Configuration.FileExtensions (>= 5.0)
      Microsoft.Extensions.FileProviders.Abstractions (>= 5.0)
    Microsoft.Extensions.DependencyInjection (5.0)
      Microsoft.Extensions.DependencyInjection.Abstractions (>= 5.0)
    Microsoft.Extensions.DependencyInjection.Abstractions (5.0)
    Microsoft.Extensions.DependencyModel (5.0)
    Microsoft.Extensions.FileProviders.Abstractions (5.0)
      Microsoft.Extensions.Primitives (>= 5.0)
    Microsoft.Extensions.FileProviders.Physical (5.0)
      Microsoft.Extensions.FileProviders.Abstractions (>= 5.0)
      Microsoft.Extensions.FileSystemGlobbing (>= 5.0)
      Microsoft.Extensions.Primitives (>= 5.0)
    Microsoft.Extensions.FileSystemGlobbing (5.0)
    Microsoft.Extensions.Http (5.0)
      Microsoft.Extensions.DependencyInjection.Abstractions (>= 5.0)
      Microsoft.Extensions.Logging (>= 5.0)
      Microsoft.Extensions.Logging.Abstractions (>= 5.0)
      Microsoft.Extensions.Options (>= 5.0)
    Microsoft.Extensions.Logging (5.0)
      Microsoft.Extensions.DependencyInjection (>= 5.0)
      Microsoft.Extensions.DependencyInjection.Abstractions (>= 5.0)
      Microsoft.Extensions.Logging.Abstractions (>= 5.0)
      Microsoft.Extensions.Options (>= 5.0)
    Microsoft.Extensions.Logging.Abstractions (5.0)
    Microsoft.Extensions.Options (5.0)
      Microsoft.Extensions.DependencyInjection.Abstractions (>= 5.0)
      Microsoft.Extensions.Primitives (>= 5.0)
    Microsoft.Extensions.Primitives (5.0)
    Microsoft.JSInterop (5.0)
    Microsoft.JSInterop.WebAssembly (5.0)
      Microsoft.JSInterop (>= 5.0)
    Microsoft.NETCore.Platforms (5.0)
    Nerdbank.GitVersioning (3.3.37) - copy_local: true
    NETStandard.Library (2.0.3)
      Microsoft.NETCore.Platforms (>= 1.1)
    System.Collections.Immutable (5.0)
    System.IO.Pipelines (5.0)
    System.Memory (4.5.4)
    System.Reflection.Metadata (5.0)
    System.Runtime.CompilerServices.Unsafe (5.0)
    System.Text.Encoding.CodePages (5.0)
      Microsoft.NETCore.Platforms (>= 5.0)
    System.Threading.Channels (5.0)
    System.Threading.Tasks.Extensions (4.5.4)
    System.ValueTuple (4.5)
    TaskBuilder.fs (2.1)
      FSharp.Core (>= 4.1.17)
      NETStandard.Library (>= 1.6.1)
      System.ValueTuple (>= 4.4)
GITHUB
  remote: fsbolero/bolero
    src/Bolero.Templating.Provider/Parsing.fs (dd804a501e789e2ddb1a00dba92058922803591c)
    src/Bolero.Templating.Provider/Path.fs (dd804a501e789e2ddb1a00dba92058922803591c)
    tools/Utility.fsx (dd804a501e789e2ddb1a00dba92058922803591c)
