STORAGE: NONE
STRATEGY: MIN
LOWEST_MATCHING: TRUE
RESTRICTION: == net5.0
NUGET
  remote: https://nuget.pkg.github.com/fsbolero/index.json
    Bolero (0.18.12-alpha)
      Elmish (>= 3.1 < 4.0)
      FSharp.Core (>= 6.0)
      FSharp.SystemTextJson (>= 0.17.4)
      Microsoft.AspNetCore.Components.WebAssembly (>= 5.0)
      Microsoft.Extensions.Http (>= 5.0)
    Bolero.Server (0.18.12-alpha)
      Bolero (0.18.12-alpha)
      FSharp.Core (>= 6.0)
      FSharp.SystemTextJson (>= 0.17.4)
  remote: https://api.nuget.org/v3/index.json
    Elmish (3.1)
      FSharp.Core (>= 4.6.2)
    FSharp.Core (6.0)
    FSharp.SystemTextJson (0.17.4)
      FSharp.Core (>= 4.7)
      System.Text.Json (>= 4.6)
    HtmlAgilityPack (1.11.39)
    Microsoft.AspNetCore.Authorization (5.0)
      Microsoft.AspNetCore.Metadata (>= 5.0)
      Microsoft.Extensions.Logging.Abstractions (>= 5.0)
      Microsoft.Extensions.Options (>= 5.0)
    Microsoft.AspNetCore.Components (5.0)
      Microsoft.AspNetCore.Authorization (>= 5.0)
      Microsoft.AspNetCore.Components.Analyzers (>= 5.0)
    Microsoft.AspNetCore.Components.Analyzers (5.0)
    Microsoft.AspNetCore.Components.Forms (5.0)
      Microsoft.AspNetCore.Components (>= 5.0)
    Microsoft.AspNetCore.Components.Web (5.0)
      Microsoft.AspNetCore.Components (>= 5.0)
      Microsoft.AspNetCore.Components.Forms (>= 5.0)
      Microsoft.Extensions.DependencyInjection (>= 5.0)
      Microsoft.JSInterop (>= 5.0)
      System.IO.Pipelines (>= 5.0)
    Microsoft.AspNetCore.Components.WebAssembly (5.0)
      Microsoft.AspNetCore.Components.Web (>= 5.0)
      Microsoft.Extensions.Configuration.Binder (>= 5.0)
      Microsoft.Extensions.Configuration.Json (>= 5.0)
      Microsoft.Extensions.Logging (>= 5.0)
      Microsoft.JSInterop.WebAssembly (>= 5.0)
    Microsoft.AspNetCore.Components.WebAssembly.Server (5.0)
    Microsoft.AspNetCore.Connections.Abstractions (5.0)
      Microsoft.AspNetCore.Http.Features (>= 5.0)
    Microsoft.AspNetCore.Http.Connections.Client (5.0)
      Microsoft.AspNetCore.Http.Connections.Common (>= 5.0)
      Microsoft.Extensions.Logging.Abstractions (>= 5.0)
      Microsoft.Extensions.Options (>= 5.0)
    Microsoft.AspNetCore.Http.Connections.Common (5.0)
      Microsoft.AspNetCore.Connections.Abstractions (>= 5.0)
    Microsoft.AspNetCore.Http.Features (5.0)
      Microsoft.Extensions.Primitives (>= 5.0)
      System.IO.Pipelines (>= 5.0)
    Microsoft.AspNetCore.Metadata (5.0)
    Microsoft.AspNetCore.SignalR.Client (5.0)
      Microsoft.AspNetCore.Http.Connections.Client (>= 5.0)
      Microsoft.AspNetCore.SignalR.Client.Core (>= 5.0)
    Microsoft.AspNetCore.SignalR.Client.Core (5.0)
      Microsoft.AspNetCore.SignalR.Common (>= 5.0)
      Microsoft.AspNetCore.SignalR.Protocols.Json (>= 5.0)
      Microsoft.Extensions.DependencyInjection (>= 5.0)
      Microsoft.Extensions.Logging (>= 5.0)
      System.Threading.Channels (>= 5.0)
    Microsoft.AspNetCore.SignalR.Common (5.0)
      Microsoft.AspNetCore.Connections.Abstractions (>= 5.0)
      Microsoft.Extensions.Options (>= 5.0)
    Microsoft.AspNetCore.SignalR.Protocols.Json (5.0)
      Microsoft.AspNetCore.SignalR.Common (>= 5.0)
    Microsoft.Extensions.Configuration (5.0)
      Microsoft.Extensions.Configuration.Abstractions (>= 5.0)
      Microsoft.Extensions.Primitives (>= 5.0)
    Microsoft.Extensions.Configuration.Abstractions (5.0)
      Microsoft.Extensions.Primitives (>= 5.0)
    Microsoft.Extensions.Configuration.Binder (5.0)
      Microsoft.Extensions.Configuration.Abstractions (>= 5.0)
    Microsoft.Extensions.Configuration.FileExtensions (5.0)
      Microsoft.Extensions.Configuration (>= 5.0)
      Microsoft.Extensions.Configuration.Abstractions (>= 5.0)
      Microsoft.Extensions.FileProviders.Abstractions (>= 5.0)
      Microsoft.Extensions.FileProviders.Physical (>= 5.0)
      Microsoft.Extensions.Primitives (>= 5.0)
    Microsoft.Extensions.Configuration.Json (5.0)
      Microsoft.Extensions.Configuration (>= 5.0)
      Microsoft.Extensions.Configuration.Abstractions (>= 5.0)
      Microsoft.Extensions.Configuration.FileExtensions (>= 5.0)
      Microsoft.Extensions.FileProviders.Abstractions (>= 5.0)
    Microsoft.Extensions.DependencyInjection (5.0)
      Microsoft.Extensions.DependencyInjection.Abstractions (>= 5.0)
    Microsoft.Extensions.DependencyInjection.Abstractions (5.0)
    Microsoft.Extensions.FileProviders.Abstractions (5.0)
      Microsoft.Extensions.Primitives (>= 5.0)
    Microsoft.Extensions.FileProviders.Physical (5.0)
      Microsoft.Extensions.FileProviders.Abstractions (>= 5.0)
      Microsoft.Extensions.FileSystemGlobbing (>= 5.0)
      Microsoft.Extensions.Primitives (>= 5.0)
    Microsoft.Extensions.FileSystemGlobbing (5.0)
    Microsoft.Extensions.Http (5.0)
      Microsoft.Extensions.DependencyInjection.Abstractions (>= 5.0)
      Microsoft.Extensions.Logging (>= 5.0)
      Microsoft.Extensions.Logging.Abstractions (>= 5.0)
      Microsoft.Extensions.Options (>= 5.0)
    Microsoft.Extensions.Logging (5.0)
      Microsoft.Extensions.DependencyInjection (>= 5.0)
      Microsoft.Extensions.DependencyInjection.Abstractions (>= 5.0)
      Microsoft.Extensions.Logging.Abstractions (>= 5.0)
      Microsoft.Extensions.Options (>= 5.0)
    Microsoft.Extensions.Logging.Abstractions (5.0)
    Microsoft.Extensions.Options (5.0)
      Microsoft.Extensions.DependencyInjection.Abstractions (>= 5.0)
      Microsoft.Extensions.Primitives (>= 5.0)
    Microsoft.Extensions.Primitives (5.0)
    Microsoft.JSInterop (5.0)
    Microsoft.JSInterop.WebAssembly (5.0)
      Microsoft.JSInterop (>= 5.0)
    Nerdbank.GitVersioning (3.4.244) - copy_local: true
    Ply (0.3.1)
      FSharp.Core (>= 4.6.2)
      System.Threading.Tasks.Extensions (>= 4.5.4)
    System.IO.Pipelines (5.0)
    System.Text.Json (4.6)
    System.Threading.Channels (5.0)
    System.Threading.Tasks.Extensions (4.5.4)
GITHUB
  remote: fsbolero/bolero
    src/Bolero.Templating.Provider/Parsing.fs (e8a38b3ee6dc80da176852283fbc7a4c0fceab9f)
    src/Bolero.Templating.Provider/Path.fs (e8a38b3ee6dc80da176852283fbc7a4c0fceab9f)
    tools/Utility.fsx (e8a38b3ee6dc80da176852283fbc7a4c0fceab9f)