STORAGE: NONE
RESTRICTION: == net5.0
NUGET
  remote: https://ci.appveyor.com/nuget/bolero
    Bolero (0.17.25)
      Elmish (>= 3.1 < 4.0)
      FSharp.Core (>= 5.0)
      FSharp.SystemTextJson (>= 0.15.14)
      Microsoft.AspNetCore.Components.WebAssembly (>= 5.0 < 6.0)
      Microsoft.Extensions.Http (>= 5.0 < 6.0)
    Bolero.Server (0.17.25)
      Bolero (0.17.25)
      FSharp.Core (>= 5.0)
      FSharp.SystemTextJson (>= 0.15.14)
      Ply (>= 0.3.1)
  remote: https://api.nuget.org/v3/index.json
    Elmish (3.1)
      FSharp.Core (>= 4.6.2)
    FSharp.Core (5.0)
    FSharp.SystemTextJson (0.16.6)
      FSharp.Core (>= 4.7)
      System.Text.Json (>= 4.6)
    HtmlAgilityPack (1.11.33)
    Microsoft.AspNetCore.Authorization (5.0.5)
      Microsoft.AspNetCore.Metadata (>= 5.0.5)
      Microsoft.Extensions.Logging.Abstractions (>= 5.0)
      Microsoft.Extensions.Options (>= 5.0)
    Microsoft.AspNetCore.Components (5.0.5)
      Microsoft.AspNetCore.Authorization (>= 5.0.5)
      Microsoft.AspNetCore.Components.Analyzers (>= 5.0.5)
    Microsoft.AspNetCore.Components.Analyzers (5.0.5)
    Microsoft.AspNetCore.Components.Forms (5.0.5)
      Microsoft.AspNetCore.Components (>= 5.0.5)
    Microsoft.AspNetCore.Components.Web (5.0.5)
      Microsoft.AspNetCore.Components (>= 5.0.5)
      Microsoft.AspNetCore.Components.Forms (>= 5.0.5)
      Microsoft.Extensions.DependencyInjection (>= 5.0.1)
      Microsoft.JSInterop (>= 5.0.5)
      System.IO.Pipelines (>= 5.0.1)
    Microsoft.AspNetCore.Components.WebAssembly (5.0.5)
      Microsoft.AspNetCore.Components.Web (>= 5.0.5)
      Microsoft.Extensions.Configuration.Binder (>= 5.0)
      Microsoft.Extensions.Configuration.Json (>= 5.0)
      Microsoft.Extensions.Logging (>= 5.0)
      Microsoft.JSInterop.WebAssembly (>= 5.0.5)
    Microsoft.AspNetCore.Components.WebAssembly.Server (5.0.5)
    Microsoft.AspNetCore.Connections.Abstractions (5.0.5)
      Microsoft.AspNetCore.Http.Features (>= 5.0.5)
    Microsoft.AspNetCore.Http.Connections.Client (5.0.5)
      Microsoft.AspNetCore.Http.Connections.Common (>= 5.0.5)
      Microsoft.Extensions.Logging.Abstractions (>= 5.0)
      Microsoft.Extensions.Options (>= 5.0)
    Microsoft.AspNetCore.Http.Connections.Common (5.0.5)
      Microsoft.AspNetCore.Connections.Abstractions (>= 5.0.5)
    Microsoft.AspNetCore.Http.Features (5.0.5)
      Microsoft.Extensions.Primitives (>= 5.0.1)
      System.IO.Pipelines (>= 5.0.1)
    Microsoft.AspNetCore.Metadata (5.0.5)
    Microsoft.AspNetCore.Mvc.Razor.Extensions (5.0.5)
      Microsoft.AspNetCore.Razor.Language (>= 5.0.5)
      Microsoft.CodeAnalysis.Razor (>= 5.0.5)
    Microsoft.AspNetCore.Mvc.Razor.RuntimeCompilation (5.0.5)
      Microsoft.AspNetCore.Mvc.Razor.Extensions (>= 5.0.5)
      Microsoft.CodeAnalysis.Razor (>= 5.0.5)
      Microsoft.Extensions.DependencyModel (>= 5.0)
    Microsoft.AspNetCore.Razor.Language (5.0.5)
    Microsoft.AspNetCore.SignalR.Client (5.0.5)
      Microsoft.AspNetCore.Http.Connections.Client (>= 5.0.5)
      Microsoft.AspNetCore.SignalR.Client.Core (>= 5.0.5)
    Microsoft.AspNetCore.SignalR.Client.Core (5.0.5)
      Microsoft.AspNetCore.SignalR.Common (>= 5.0.5)
      Microsoft.AspNetCore.SignalR.Protocols.Json (>= 5.0.5)
      Microsoft.Extensions.DependencyInjection (>= 5.0.1)
      Microsoft.Extensions.Logging (>= 5.0)
      System.Threading.Channels (>= 5.0)
    Microsoft.AspNetCore.SignalR.Common (5.0.5)
      Microsoft.AspNetCore.Connections.Abstractions (>= 5.0.5)
      Microsoft.Extensions.Options (>= 5.0)
    Microsoft.AspNetCore.SignalR.Protocols.Json (5.0.5)
      Microsoft.AspNetCore.SignalR.Common (>= 5.0.5)
    Microsoft.CodeAnalysis.Analyzers (3.3.2)
    Microsoft.CodeAnalysis.Common (3.9)
      Microsoft.CodeAnalysis.Analyzers (>= 3.0)
      System.Collections.Immutable (>= 5.0)
      System.Memory (>= 4.5.4)
      System.Reflection.Metadata (>= 5.0)
      System.Runtime.CompilerServices.Unsafe (>= 5.0)
      System.Text.Encoding.CodePages (>= 4.5.1)
      System.Threading.Tasks.Extensions (>= 4.5.4)
    Microsoft.CodeAnalysis.CSharp (3.9)
      Microsoft.CodeAnalysis.Common (3.9)
    Microsoft.CodeAnalysis.Razor (5.0.5)
      Microsoft.AspNetCore.Razor.Language (>= 5.0.5)
      Microsoft.CodeAnalysis.Common (>= 3.8)
      Microsoft.CodeAnalysis.CSharp (>= 3.8)
    Microsoft.Extensions.Configuration (5.0)
      Microsoft.Extensions.Configuration.Abstractions (>= 5.0)
      Microsoft.Extensions.Primitives (>= 5.0)
    Microsoft.Extensions.Configuration.Abstractions (5.0)
      Microsoft.Extensions.Primitives (>= 5.0)
    Microsoft.Extensions.Configuration.Binder (5.0)
      Microsoft.Extensions.Configuration.Abstractions (>= 5.0)
    Microsoft.Extensions.Configuration.FileExtensions (5.0)
      Microsoft.Extensions.Configuration (>= 5.0)
      Microsoft.Extensions.Configuration.Abstractions (>= 5.0)
      Microsoft.Extensions.FileProviders.Abstractions (>= 5.0)
      Microsoft.Extensions.FileProviders.Physical (>= 5.0)
      Microsoft.Extensions.Primitives (>= 5.0)
    Microsoft.Extensions.Configuration.Json (5.0)
      Microsoft.Extensions.Configuration (>= 5.0)
      Microsoft.Extensions.Configuration.Abstractions (>= 5.0)
      Microsoft.Extensions.Configuration.FileExtensions (>= 5.0)
      Microsoft.Extensions.FileProviders.Abstractions (>= 5.0)
    Microsoft.Extensions.DependencyInjection (5.0.1)
      Microsoft.Extensions.DependencyInjection.Abstractions (>= 5.0)
    Microsoft.Extensions.DependencyInjection.Abstractions (5.0)
    Microsoft.Extensions.DependencyModel (5.0)
    Microsoft.Extensions.FileProviders.Abstractions (5.0)
      Microsoft.Extensions.Primitives (>= 5.0)
    Microsoft.Extensions.FileProviders.Physical (5.0)
      Microsoft.Extensions.FileProviders.Abstractions (>= 5.0)
      Microsoft.Extensions.FileSystemGlobbing (>= 5.0)
      Microsoft.Extensions.Primitives (>= 5.0)
    Microsoft.Extensions.FileSystemGlobbing (5.0)
    Microsoft.Extensions.Http (5.0)
      Microsoft.Extensions.DependencyInjection.Abstractions (>= 5.0)
      Microsoft.Extensions.Logging (>= 5.0)
      Microsoft.Extensions.Logging.Abstractions (>= 5.0)
      Microsoft.Extensions.Options (>= 5.0)
    Microsoft.Extensions.Logging (5.0)
      Microsoft.Extensions.DependencyInjection (>= 5.0)
      Microsoft.Extensions.DependencyInjection.Abstractions (>= 5.0)
      Microsoft.Extensions.Logging.Abstractions (>= 5.0)
      Microsoft.Extensions.Options (>= 5.0)
    Microsoft.Extensions.Logging.Abstractions (5.0)
    Microsoft.Extensions.Options (5.0)
      Microsoft.Extensions.DependencyInjection.Abstractions (>= 5.0)
      Microsoft.Extensions.Primitives (>= 5.0)
    Microsoft.Extensions.Primitives (5.0.1)
    Microsoft.JSInterop (5.0.5)
    Microsoft.JSInterop.WebAssembly (5.0.5)
      Microsoft.JSInterop (>= 5.0.5)
    Microsoft.NETCore.Platforms (5.0.2)
    Nerdbank.GitVersioning (3.4.194) - copy_local: true
    Ply (0.3.1)
      FSharp.Core (>= 4.6.2)
      System.Threading.Tasks.Extensions (>= 4.5.4)
    System.Collections.Immutable (5.0)
    System.IO.Pipelines (5.0.1)
    System.Memory (4.5.4)
    System.Reflection.Metadata (5.0)
    System.Runtime.CompilerServices.Unsafe (5.0)
    System.Text.Encoding.CodePages (5.0)
      Microsoft.NETCore.Platforms (>= 5.0)
    System.Text.Json (5.0.2)
    System.Threading.Channels (5.0)
    System.Threading.Tasks.Extensions (4.5.4)
GITHUB
  remote: fsbolero/bolero
    src/Bolero.Templating.Provider/Parsing.fs (486c8b18c12e31984bae26ef26378e36ca93c0ed)
    src/Bolero.Templating.Provider/Path.fs (486c8b18c12e31984bae26ef26378e36ca93c0ed)
    tools/Utility.fsx (486c8b18c12e31984bae26ef26378e36ca93c0ed)