STORAGE: NONE
STRATEGY: MIN
LOWEST_MATCHING: TRUE
RESTRICTION: == net6.0
NUGET
  remote: https://nuget.pkg.github.com/fsbolero/index.json
    Bolero (0.20.1-alpha)
      Elmish (>= 3.1 < 4.0)
      FSharp.Core (>= 6.0)
      FSharp.SystemTextJson (>= 0.17.4)
      Microsoft.AspNetCore.Components.WebAssembly (>= 5.0)
      Microsoft.Extensions.Http (>= 5.0)
    Bolero.Server (0.20.1-alpha)
      Bolero (0.20.1-alpha)
      FSharp.Core (>= 6.0)
      FSharp.SystemTextJson (>= 0.17.4)
  remote: https://api.nuget.org/v3/index.json
    Elmish (3.1)
      FSharp.Core (>= 4.6.2)
    FSharp.Core (6.0)
    FSharp.SystemTextJson (0.17.4)
      FSharp.Core (>= 4.7)
      System.Text.Json (>= 4.6)
    HtmlAgilityPack (1.11.39)
    Microsoft.AspNetCore.Authorization (5.0)
      Microsoft.AspNetCore.Metadata (>= 5.0)
      Microsoft.Extensions.Logging.Abstractions (>= 5.0)
      Microsoft.Extensions.Options (>= 5.0)
    Microsoft.AspNetCore.Components (5.0)
      Microsoft.AspNetCore.Authorization (>= 5.0)
      Microsoft.AspNetCore.Components.Analyzers (>= 5.0)
    Microsoft.AspNetCore.Components.Analyzers (5.0)
    Microsoft.AspNetCore.Components.Forms (5.0)
      Microsoft.AspNetCore.Components (>= 5.0)
    Microsoft.AspNetCore.Components.Web (5.0)
      Microsoft.AspNetCore.Components (>= 5.0)
      Microsoft.AspNetCore.Components.Forms (>= 5.0)
      Microsoft.Extensions.DependencyInjection (>= 5.0)
      Microsoft.JSInterop (>= 5.0)
      System.IO.Pipelines (>= 5.0)
    Microsoft.AspNetCore.Components.WebAssembly (5.0)
      Microsoft.AspNetCore.Components.Web (>= 5.0)
      Microsoft.Extensions.Configuration.Binder (>= 5.0)
      Microsoft.Extensions.Configuration.Json (>= 5.0)
      Microsoft.Extensions.Logging (>= 5.0)
      Microsoft.JSInterop.WebAssembly (>= 5.0)
    Microsoft.AspNetCore.Components.WebAssembly.Server (6.0)
    Microsoft.AspNetCore.Connections.Abstractions (6.0)
      Microsoft.Extensions.Features (>= 6.0)
      System.IO.Pipelines (>= 6.0)
    Microsoft.AspNetCore.Http.Connections.Client (6.0)
      Microsoft.AspNetCore.Http.Connections.Common (>= 6.0)
      Microsoft.Extensions.Logging.Abstractions (>= 6.0)
      Microsoft.Extensions.Options (>= 6.0)
    Microsoft.AspNetCore.Http.Connections.Common (6.0)
      Microsoft.AspNetCore.Connections.Abstractions (>= 6.0)
    Microsoft.AspNetCore.Metadata (5.0)
    Microsoft.AspNetCore.SignalR.Client (6.0)
      Microsoft.AspNetCore.Http.Connections.Client (>= 6.0)
      Microsoft.AspNetCore.SignalR.Client.Core (>= 6.0)
    Microsoft.AspNetCore.SignalR.Client.Core (6.0)
      Microsoft.AspNetCore.SignalR.Common (>= 6.0)
      Microsoft.AspNetCore.SignalR.Protocols.Json (>= 6.0)
      Microsoft.Extensions.DependencyInjection (>= 6.0)
      Microsoft.Extensions.Logging (>= 6.0)
      System.Threading.Channels (>= 6.0)
    Microsoft.AspNetCore.SignalR.Common (6.0)
      Microsoft.AspNetCore.Connections.Abstractions (>= 6.0)
      Microsoft.Extensions.Options (>= 6.0)
    Microsoft.AspNetCore.SignalR.Protocols.Json (6.0)
      Microsoft.AspNetCore.SignalR.Common (>= 6.0)
    Microsoft.Extensions.Configuration (5.0)
      Microsoft.Extensions.Configuration.Abstractions (>= 5.0)
      Microsoft.Extensions.Primitives (>= 5.0)
    Microsoft.Extensions.Configuration.Abstractions (5.0)
      Microsoft.Extensions.Primitives (>= 5.0)
    Microsoft.Extensions.Configuration.Binder (5.0)
      Microsoft.Extensions.Configuration.Abstractions (>= 5.0)
    Microsoft.Extensions.Configuration.FileExtensions (5.0)
      Microsoft.Extensions.Configuration (>= 5.0)
      Microsoft.Extensions.Configuration.Abstractions (>= 5.0)
      Microsoft.Extensions.FileProviders.Abstractions (>= 5.0)
      Microsoft.Extensions.FileProviders.Physical (>= 5.0)
      Microsoft.Extensions.Primitives (>= 5.0)
    Microsoft.Extensions.Configuration.Json (5.0)
      Microsoft.Extensions.Configuration (>= 5.0)
      Microsoft.Extensions.Configuration.Abstractions (>= 5.0)
      Microsoft.Extensions.Configuration.FileExtensions (>= 5.0)
      Microsoft.Extensions.FileProviders.Abstractions (>= 5.0)
    Microsoft.Extensions.DependencyInjection (6.0)
      Microsoft.Extensions.DependencyInjection.Abstractions (>= 6.0)
      System.Runtime.CompilerServices.Unsafe (>= 6.0)
    Microsoft.Extensions.DependencyInjection.Abstractions (6.0)
    Microsoft.Extensions.Features (6.0)
    Microsoft.Extensions.FileProviders.Abstractions (5.0)
      Microsoft.Extensions.Primitives (>= 5.0)
    Microsoft.Extensions.FileProviders.Physical (5.0)
      Microsoft.Extensions.FileProviders.Abstractions (>= 5.0)
      Microsoft.Extensions.FileSystemGlobbing (>= 5.0)
      Microsoft.Extensions.Primitives (>= 5.0)
    Microsoft.Extensions.FileSystemGlobbing (5.0)
    Microsoft.Extensions.Http (5.0)
      Microsoft.Extensions.DependencyInjection.Abstractions (>= 5.0)
      Microsoft.Extensions.Logging (>= 5.0)
      Microsoft.Extensions.Logging.Abstractions (>= 5.0)
      Microsoft.Extensions.Options (>= 5.0)
    Microsoft.Extensions.Logging (6.0)
      Microsoft.Extensions.DependencyInjection (>= 6.0)
      Microsoft.Extensions.DependencyInjection.Abstractions (>= 6.0)
      Microsoft.Extensions.Logging.Abstractions (>= 6.0)
      Microsoft.Extensions.Options (>= 6.0)
      System.Diagnostics.DiagnosticSource (>= 6.0)
    Microsoft.Extensions.Logging.Abstractions (6.0)
    Microsoft.Extensions.Options (6.0)
      Microsoft.Extensions.DependencyInjection.Abstractions (>= 6.0)
      Microsoft.Extensions.Primitives (>= 6.0)
    Microsoft.Extensions.Primitives (6.0)
      System.Runtime.CompilerServices.Unsafe (>= 6.0)
    Microsoft.JSInterop (5.0)
    Microsoft.JSInterop.WebAssembly (5.0)
      Microsoft.JSInterop (>= 5.0)
    Nerdbank.GitVersioning (3.4.255) - copy_local: true
    System.Diagnostics.DiagnosticSource (6.0)
      System.Runtime.CompilerServices.Unsafe (>= 6.0)
    System.IO.Pipelines (6.0)
    System.Runtime.CompilerServices.Unsafe (6.0)
    System.Text.Json (4.6)
    System.Threading.Channels (6.0)
GITHUB
  remote: fsbolero/bolero
    src/Bolero.Templating.Provider/Parsing.fs (caaada16e80c94021a805f5c5e43771dddc3956e)
    src/Bolero.Templating.Provider/Path.fs (caaada16e80c94021a805f5c5e43771dddc3956e)
    tools/Utility.fsx (caaada16e80c94021a805f5c5e43771dddc3956e)