STORAGE: NONE
RESTRICTION: == net5.0
NUGET
  remote: https://nuget.pkg.github.com/fsbolero/index.json
    Bolero (0.18.5-alpha)
      Elmish (>= 3.1 < 4.0)
      FSharp.Core (>= 5.0)
      FSharp.SystemTextJson (>= 0.15.14)
      Microsoft.AspNetCore.Components.WebAssembly (>= 5.0 < 6.0)
      Microsoft.Extensions.Http (>= 5.0 < 6.0)
    Bolero.Server (0.18.5-alpha)
      Bolero (0.18.5-alpha)
      FSharp.Core (>= 5.0)
      FSharp.SystemTextJson (>= 0.15.14)
      Ply (>= 0.3.1)
  remote: https://api.nuget.org/v3/index.json
    Elmish (3.1)
      FSharp.Core (>= 4.6.2)
    FSharp.Core (5.0)
    FSharp.SystemTextJson (0.16.6)
      FSharp.Core (>= 4.7)
      System.Text.Json (>= 4.6)
    HtmlAgilityPack (1.11.33)
    Microsoft.AspNetCore.Authorization (5.0.5)
      Microsoft.AspNetCore.Metadata (>= 5.0.5)
      Microsoft.Extensions.Logging.Abstractions (>= 5.0)
      Microsoft.Extensions.Options (>= 5.0)
    Microsoft.AspNetCore.Components (5.0.5)
      Microsoft.AspNetCore.Authorization (>= 5.0.5)
      Microsoft.AspNetCore.Components.Analyzers (>= 5.0.5)
    Microsoft.AspNetCore.Components.Analyzers (5.0.5)
    Microsoft.AspNetCore.Components.Forms (5.0.5)
      Microsoft.AspNetCore.Components (>= 5.0.5)
    Microsoft.AspNetCore.Components.Web (5.0.5)
      Microsoft.AspNetCore.Components (>= 5.0.5)
      Microsoft.AspNetCore.Components.Forms (>= 5.0.5)
      Microsoft.Extensions.DependencyInjection (>= 5.0.1)
      Microsoft.JSInterop (>= 5.0.5)
      System.IO.Pipelines (>= 5.0.1)
    Microsoft.AspNetCore.Components.WebAssembly (5.0.5)
      Microsoft.AspNetCore.Components.Web (>= 5.0.5)
      Microsoft.Extensions.Configuration.Binder (>= 5.0)
      Microsoft.Extensions.Configuration.Json (>= 5.0)
      Microsoft.Extensions.Logging (>= 5.0)
      Microsoft.JSInterop.WebAssembly (>= 5.0.5)
    Microsoft.AspNetCore.Components.WebAssembly.Server (5.0.5)
    Microsoft.AspNetCore.Connections.Abstractions (5.0.5)
      Microsoft.AspNetCore.Http.Features (>= 5.0.5)
    Microsoft.AspNetCore.Http.Connections.Client (5.0.5)
      Microsoft.AspNetCore.Http.Connections.Common (>= 5.0.5)
      Microsoft.Extensions.Logging.Abstractions (>= 5.0)
      Microsoft.Extensions.Options (>= 5.0)
    Microsoft.AspNetCore.Http.Connections.Common (5.0.5)
      Microsoft.AspNetCore.Connections.Abstractions (>= 5.0.5)
    Microsoft.AspNetCore.Http.Features (5.0.5)
      Microsoft.Extensions.Primitives (>= 5.0.1)
      System.IO.Pipelines (>= 5.0.1)
    Microsoft.AspNetCore.Metadata (5.0.5)
    Microsoft.AspNetCore.SignalR.Client (5.0.5)
      Microsoft.AspNetCore.Http.Connections.Client (>= 5.0.5)
      Microsoft.AspNetCore.SignalR.Client.Core (>= 5.0.5)
    Microsoft.AspNetCore.SignalR.Client.Core (5.0.5)
      Microsoft.AspNetCore.SignalR.Common (>= 5.0.5)
      Microsoft.AspNetCore.SignalR.Protocols.Json (>= 5.0.5)
      Microsoft.Extensions.DependencyInjection (>= 5.0.1)
      Microsoft.Extensions.Logging (>= 5.0)
      System.Threading.Channels (>= 5.0)
    Microsoft.AspNetCore.SignalR.Common (5.0.5)
      Microsoft.AspNetCore.Connections.Abstractions (>= 5.0.5)
      Microsoft.Extensions.Options (>= 5.0)
    Microsoft.AspNetCore.SignalR.Protocols.Json (5.0.5)
      Microsoft.AspNetCore.SignalR.Common (>= 5.0.5)
    Microsoft.Extensions.Configuration (5.0)
      Microsoft.Extensions.Configuration.Abstractions (>= 5.0)
      Microsoft.Extensions.Primitives (>= 5.0)
    Microsoft.Extensions.Configuration.Abstractions (5.0)
      Microsoft.Extensions.Primitives (>= 5.0)
    Microsoft.Extensions.Configuration.Binder (5.0)
      Microsoft.Extensions.Configuration.Abstractions (>= 5.0)
    Microsoft.Extensions.Configuration.FileExtensions (5.0)
      Microsoft.Extensions.Configuration (>= 5.0)
      Microsoft.Extensions.Configuration.Abstractions (>= 5.0)
      Microsoft.Extensions.FileProviders.Abstractions (>= 5.0)
      Microsoft.Extensions.FileProviders.Physical (>= 5.0)
      Microsoft.Extensions.Primitives (>= 5.0)
    Microsoft.Extensions.Configuration.Json (5.0)
      Microsoft.Extensions.Configuration (>= 5.0)
      Microsoft.Extensions.Configuration.Abstractions (>= 5.0)
      Microsoft.Extensions.Configuration.FileExtensions (>= 5.0)
      Microsoft.Extensions.FileProviders.Abstractions (>= 5.0)
    Microsoft.Extensions.DependencyInjection (5.0.1)
      Microsoft.Extensions.DependencyInjection.Abstractions (>= 5.0)
    Microsoft.Extensions.DependencyInjection.Abstractions (5.0)
    Microsoft.Extensions.FileProviders.Abstractions (5.0)
      Microsoft.Extensions.Primitives (>= 5.0)
    Microsoft.Extensions.FileProviders.Physical (5.0)
      Microsoft.Extensions.FileProviders.Abstractions (>= 5.0)
      Microsoft.Extensions.FileSystemGlobbing (>= 5.0)
      Microsoft.Extensions.Primitives (>= 5.0)
    Microsoft.Extensions.FileSystemGlobbing (5.0)
    Microsoft.Extensions.Http (5.0)
      Microsoft.Extensions.DependencyInjection.Abstractions (>= 5.0)
      Microsoft.Extensions.Logging (>= 5.0)
      Microsoft.Extensions.Logging.Abstractions (>= 5.0)
      Microsoft.Extensions.Options (>= 5.0)
    Microsoft.Extensions.Logging (5.0)
      Microsoft.Extensions.DependencyInjection (>= 5.0)
      Microsoft.Extensions.DependencyInjection.Abstractions (>= 5.0)
      Microsoft.Extensions.Logging.Abstractions (>= 5.0)
      Microsoft.Extensions.Options (>= 5.0)
    Microsoft.Extensions.Logging.Abstractions (5.0)
    Microsoft.Extensions.Options (5.0)
      Microsoft.Extensions.DependencyInjection.Abstractions (>= 5.0)
      Microsoft.Extensions.Primitives (>= 5.0)
    Microsoft.Extensions.Primitives (5.0.1)
    Microsoft.JSInterop (5.0.5)
    Microsoft.JSInterop.WebAssembly (5.0.5)
      Microsoft.JSInterop (>= 5.0.5)
    Nerdbank.GitVersioning (3.4.194) - copy_local: true
    Ply (0.3.1)
      FSharp.Core (>= 4.6.2)
      System.Threading.Tasks.Extensions (>= 4.5.4)
    System.IO.Pipelines (5.0.1)
    System.Text.Json (5.0.2)
    System.Threading.Channels (5.0)
    System.Threading.Tasks.Extensions (4.5.4)
GITHUB
  remote: fsbolero/bolero
    src/Bolero.Templating.Provider/Parsing.fs (f27d30d2dad38eab4f1a40431dede8108156f528)
    src/Bolero.Templating.Provider/Path.fs (f27d30d2dad38eab4f1a40431dede8108156f528)
    tools/Utility.fsx (f27d30d2dad38eab4f1a40431dede8108156f528)